NUGET
  remote: https://nuget.org/api/v2
  specs:
    Cricket (0.0.8-alpha)
      FsPickler (>= 0.9.9)
    FAKE (3.8.5)
    FSharpx.TypeProviders.Xaml (1.8.41)
    FsPickler (1.0.3)
    RavenDB.Server (2.5.2935)
